GEM
  remote: https://rubygems.org/
  specs:
    colorize (0.8.1)
    diff-lcs (1.4.4)
    io-console (0.5.6)
    rspec (3.10.0)
      rspec-core (~> 3.10.0)
      rspec-expectations (~> 3.10.0)
      rspec-mocks (~> 3.10.0)
    rspec-core (3.10.0)
      rspec-support (~> 3.10.0)
    rspec-expectations (3.10.0)
      diff-lcs (>= 1.2.0, < 2.0)
      rspec-support (~> 3.10.0)
    rspec-mocks (3.10.0)
      diff-lcs (>= 1.2.0, < 2.0)
      rspec-support (~> 3.10.0)
    rspec-support (3.10.0)
    timeout (0.1.0)
    wavefile (1.1.1)

PLATFORMS
  ruby

DEPENDENCIES
  colorize (~> 0.8.1)
  io-console (~> 0.5.6)
  rspec (~> 3.10)
  timeout (~> 0.1.0)
  wavefile (~> 1.1.1)

BUNDLED WITH
   2.1.4
